GEM
  remote: http://rubygems.org/
  specs:
    activemodel (3.2.9)
      activesupport (= 3.2.9)
      builder (~> 3.0.0)
    activerecord (3.2.9)
      activemodel (= 3.2.9)
      activesupport (= 3.2.9)
      arel (~> 3.0.2)
      tzinfo (~> 0.3.29)
    activerecord-sqlserver-adapter (3.2.10)
      activerecord (~> 3.2.0)
    activesupport (3.2.9)
      i18n (~> 0.6)
      multi_json (~> 1.0)
    arel (3.0.2)
    builder (3.0.4)
    childprocess (0.3.6)
      ffi (~> 1.0, >= 1.0.6)
    cucumber (1.2.1)
      builder (>= 2.1.2)
      diff-lcs (>= 1.1.3)
      gherkin (~> 2.11.0)
      json (>= 1.4.6)
    diff-lcs (1.1.3)
    ffi (1.2.0)
    gherkin (2.11.5)
      json (>= 1.4.6)
    gherkin (2.11.5-java)
      json (>= 1.4.6)
    i18n (0.6.1)
    json (1.7.5)
    json (1.7.5-java)
    libwebsocket (0.1.6.1)
      websocket
    multi_json (1.3.7)
    page-object (0.7.5.1)
      selenium-webdriver (>= 2.25.0)
      watir-webdriver (>= 0.6.1)
    rspec (2.12.0)
      rspec-core (~> 2.12.0)
      rspec-expectations (~> 2.12.0)
      rspec-mocks (~> 2.12.0)
    rspec-core (2.12.0)
    rspec-expectations (2.12.0)
      diff-lcs (~> 1.1.3)
    rspec-mocks (2.12.0)
    rubyzip (0.9.9)
    selenium-webdriver (2.26.0)
      childprocess (>= 0.2.5)
      libwebsocket (~> 0.1.3)
      multi_json (~> 1.0)
      rubyzip
    syntax (1.0.0)
    tiny_tds (0.5.1)
    tzinfo (0.3.35)
    watir-webdriver (0.6.1)
      selenium-webdriver (>= 2.18.0)
    websocket (1.0.3)

PLATFORMS
  java
  ruby

DEPENDENCIES
  activerecord
  activerecord-sqlserver-adapter
  activesupport
  cucumber
  page-object
  rspec
  syntax
  tiny_tds
